GEM
  remote: https://rubygems.org/
  specs:
    activemodel (5.1.5)
      activesupport (= 5.1.5)
    activerecord (5.1.5)
      activemodel (= 5.1.5)
      activesupport (= 5.1.5)
      arel (~> 8.0)
    activesupport (5.1.5)
      concurrent-ruby (~> 1.0, >= 1.0.2)
      i18n (~> 0.7)
      minitest (~> 5.1)
      tzinfo (~> 1.1)
    arel (8.0.0)
    async_sinatra (1.1.0)
      rack (>= 1.4.1)
      sinatra (>= 1.3.2)
    concurrent-ruby (1.0.5)
    daemons (1.1.9)
    eventmachine (1.0.7)
    i18n (0.7.0)
    minitest (5.11.3)
    money (6.5.1)
      i18n (>= 0.6.4, <= 0.7.0)
    multi_json (1.13.1)
    mysql2 (0.3.16)
    paypal-sdk-core (0.3.4)
      multi_json (~> 1.0)
      xml-simple
    paypal-sdk-merchant (1.116.0)
      paypal-sdk-core (~> 0.3.0)
    paypal-sdk-permissions (1.96.4)
      paypal-sdk-core (~> 0.3.0)
    possibly (0.2.0)
    rack (1.6.9)
    rack-protection (1.5.5)
      rack
    sinatra (1.4.5)
      rack (~> 1.4)
      rack-protection (~> 1.4)
      tilt (~> 1.3, >= 1.3.4)
    sinatra-activerecord (2.0.5)
      activerecord (>= 3.2)
      sinatra (~> 1.0)
    thin (1.6.3)
      daemons (~> 1.0, >= 1.0.9)
      eventmachine (~> 1.0)
      rack (~> 1.0)
    thread_safe (0.3.6)
    tilt (1.4.1)
    tzinfo (1.2.5)
      thread_safe (~> 0.1)
    xml-simple (1.1.5)

PLATFORMS
  ruby

DEPENDENCIES
  async_sinatra
  money
  mysql2
  paypal-sdk-merchant (~> 1.116.0)
  paypal-sdk-permissions (~> 1.96.4)
  possibly (~> 0.2.0)
  sinatra (~> 1.4.5)
  sinatra-activerecord
  thin

BUNDLED WITH
   1.15.4
